GEM
  remote: https://rubygems.org/
  specs:
    actioncable (6.0.3.2)
      actionpack (= 6.0.3.2)
      nio4r (~> 2.0)
      websocket-driver (>= 0.6.1)
    actionmailbox (6.0.3.2)
      actionpack (= 6.0.3.2)
      activejob (= 6.0.3.2)
      activerecord (= 6.0.3.2)
      activestorage (= 6.0.3.2)
      activesupport (= 6.0.3.2)
      mail (>= 2.7.1)
    actionmailer (6.0.3.2)
      actionpack (= 6.0.3.2)
      actionview (= 6.0.3.2)
      activejob (= 6.0.3.2)
      mail (~> 2.5, >= 2.5.4)
      rails-dom-testing (~> 2.0)
    actionpack (6.0.3.2)
      actionview (= 6.0.3.2)
      activesupport (= 6.0.3.2)
      rack (~> 2.0, >= 2.0.8)
      rack-test (>= 0.6.3)
      rails-dom-testing (~> 2.0)
      rails-html-sanitizer (~> 1.0, >= 1.2.0)
    actiontext (6.0.3.2)
      actionpack (= 6.0.3.2)
      activerecord (= 6.0.3.2)
      activestorage (= 6.0.3.2)
      activesupport (= 6.0.3.2)
      nokogiri (>= 1.8.5)
    actionview (6.0.3.2)
      activesupport (= 6.0.3.2)
      builder (~> 3.1)
      erubi (~> 1.4)
      rails-dom-testing (~> 2.0)
      rails-html-sanitizer (~> 1.1, >= 1.2.0)
    active_model_serializers (0.10.10)
      actionpack (>= 4.1, < 6.1)
      activemodel (>= 4.1, < 6.1)
      case_transform (>= 0.2)
      jsonapi-renderer (>= 0.1.1.beta1, < 0.3)
    activejob (6.0.3.2)
      activesupport (= 6.0.3.2)
      globalid (>= 0.3.6)
    activemodel (6.0.3.2)
      activesupport (= 6.0.3.2)
    activerecord (6.0.3.2)
      activemodel (= 6.0.3.2)
      activesupport (= 6.0.3.2)
    activestorage (6.0.3.2)
      actionpack (= 6.0.3.2)
      activejob (= 6.0.3.2)
      activerecord (= 6.0.3.2)
      marcel (~> 0.3.1)
    activesupport (6.0.3.2)
      concurrent-ruby (~> 1.0, >= 1.0.2)
      i18n (>= 0.7, < 2)
      minitest (~> 5.1)
      tzinfo (~> 1.1)
      zeitwerk (~> 2.2, >= 2.2.2)
    acts_as_paranoid (0.6.3)
      activerecord (>= 4.2, < 7.0)
      activesupport (>= 4.2, < 7.0)
    bootsnap (1.4.6)
      msgpack (~> 1.0)
    builder (3.2.4)
    byebug (11.1.3)
    case_transform (0.2)
      activesupport
    concurrent-ruby (1.1.6)
    crass (1.0.6)
    delivery_boy (1.0.1)
      king_konf (~> 0.3)
      ruby-kafka (~> 1.0)
    digest-crc (0.6.1)
      rake (~> 13.0)
    dry-configurable (0.11.6)
      concurrent-ruby (~> 1.0)
      dry-core (~> 0.4, >= 0.4.7)
      dry-equalizer (~> 0.2)
    dry-container (0.7.2)
      concurrent-ruby (~> 1.0)
      dry-configurable (~> 0.1, >= 0.1.3)
    dry-core (0.4.9)
      concurrent-ruby (~> 1.0)
    dry-equalizer (0.3.0)
    dry-events (0.2.0)
      concurrent-ruby (~> 1.0)
      dry-core (~> 0.4)
      dry-equalizer (~> 0.2)
    dry-inflector (0.2.0)
    dry-initializer (3.0.3)
    dry-logic (1.0.6)
      concurrent-ruby (~> 1.0)
      dry-core (~> 0.2)
      dry-equalizer (~> 0.2)
    dry-monitor (0.3.2)
      dry-configurable (~> 0.5)
      dry-core (~> 0.4)
      dry-equalizer (~> 0.2)
      dry-events (~> 0.2)
    dry-schema (1.5.2)
      concurrent-ruby (~> 1.0)
      dry-configurable (~> 0.8, >= 0.8.3)
      dry-core (~> 0.4)
      dry-equalizer (~> 0.2)
      dry-initializer (~> 3.0)
      dry-logic (~> 1.0)
      dry-types (~> 1.4)
    dry-types (1.4.0)
      concurrent-ruby (~> 1.0)
      dry-container (~> 0.3)
      dry-core (~> 0.4, >= 0.4.4)
      dry-equalizer (~> 0.3)
      dry-inflector (~> 0.1, >= 0.1.2)
      dry-logic (~> 1.0, >= 1.0.2)
    dry-validation (1.5.1)
      concurrent-ruby (~> 1.0)
      dry-container (~> 0.7, >= 0.7.1)
      dry-core (~> 0.4)
      dry-equalizer (~> 0.2)
      dry-initializer (~> 3.0)
      dry-schema (~> 1.5)
    envlogic (1.1.2)
      dry-inflector (~> 0.1)
    erubi (1.9.0)
    ffi (1.13.1)
    globalid (0.4.2)
      activesupport (>= 4.2.0)
    i18n (1.8.3)
      concurrent-ruby (~> 1.0)
    io-console (0.5.6)
    irb (1.2.4)
      reline (>= 0.0.1)
    jsonapi-renderer (0.2.2)
    karafka (1.3.6)
      dry-configurable (~> 0.8)
      dry-inflector (~> 0.1)
      dry-monitor (~> 0.3)
      dry-validation (~> 1.2)
      envlogic (~> 1.1)
      irb (~> 1.0)
      multi_json (>= 1.12)
      rake (>= 11.3)
      ruby-kafka (>= 0.7.8)
      thor (>= 0.20)
      waterdrop (~> 1.3.0)
      zeitwerk (~> 2.1)
    king_konf (0.3.7)
    listen (3.2.1)
      rb-fsevent (~> 0.10, >= 0.10.3)
      rb-inotify (~> 0.9, >= 0.9.10)
    loofah (2.6.0)
      crass (~> 1.0.2)
      nokogiri (>= 1.5.9)
    mail (2.7.1)
      mini_mime (>= 0.1.1)
    marcel (0.3.3)
      mimemagic (~> 0.3.2)
    method_source (1.0.0)
    mimemagic (0.3.5)
    mini_mime (1.0.2)
    mini_portile2 (2.4.0)
    minitest (5.14.1)
    msgpack (1.3.3)
    multi_json (1.14.1)
    nio4r (2.5.2)
    nokogiri (1.10.10)
      mini_portile2 (~> 2.4.0)
    puma (4.3.5)
      nio4r (~> 2.0)
    rack (2.2.3)
    rack-cors (1.1.1)
      rack (>= 2.0.0)
    rack-test (1.1.0)
      rack (>= 1.0, < 3)
    rails (6.0.3.2)
      actioncable (= 6.0.3.2)
      actionmailbox (= 6.0.3.2)
      actionmailer (= 6.0.3.2)
      actionpack (= 6.0.3.2)
      actiontext (= 6.0.3.2)
      actionview (= 6.0.3.2)
      activejob (= 6.0.3.2)
      activemodel (= 6.0.3.2)
      activerecord (= 6.0.3.2)
      activestorage (= 6.0.3.2)
      activesupport (= 6.0.3.2)
      bundler (>= 1.3.0)
      railties (= 6.0.3.2)
      sprockets-rails (>= 2.0.0)
    rails-dom-testing (2.0.3)
      activesupport (>= 4.2.0)
      nokogiri (>= 1.6)
    rails-html-sanitizer (1.3.0)
      loofah (~> 2.3)
    railties (6.0.3.2)
      actionpack (= 6.0.3.2)
      activesupport (= 6.0.3.2)
      method_source
      rake (>= 0.8.7)
      thor (>= 0.20.3, < 2.0)
    rake (13.0.1)
    rb-fsevent (0.10.4)
    rb-inotify (0.10.1)
      ffi (~> 1.0)
    reline (0.1.4)
      io-console (~> 0.5)
    ruby-kafka (1.1.0)
      digest-crc
    spring (2.1.0)
    spring-watcher-listen (2.0.1)
      listen (>= 2.7, < 4.0)
      spring (>= 1.2, < 3.0)
    sprockets (4.0.2)
      concurrent-ruby (~> 1.0)
      rack (> 1, < 3)
    sprockets-rails (3.2.1)
      actionpack (>= 4.0)
      activesupport (>= 4.0)
      sprockets (>= 3.0.0)
    sqlite3 (1.4.2)
    statsd-instrument (3.0.1)
    thor (1.0.1)
    thread_safe (0.3.6)
    tzinfo (1.2.7)
      thread_safe (~> 0.1)
    waterdrop (1.3.4)
      delivery_boy (>= 0.2, < 2.x)
      dry-configurable (~> 0.8)
      dry-monitor (~> 0.3)
      dry-validation (~> 1.2)
      ruby-kafka (>= 0.7.8)
      zeitwerk (~> 2.1)
    websocket-driver (0.7.2)
      websocket-extensions (>= 0.1.0)
    websocket-extensions (0.1.5)
    zeitwerk (2.3.1)

PLATFORMS
  ruby

DEPENDENCIES
  active_model_serializers
  acts_as_paranoid
  bootsnap (>= 1.4.2)
  byebug
  karafka
  listen (~> 3.2)
  puma (~> 4.1)
  rack-cors
  rails (~> 6.0.3, >= 6.0.3.2)
  spring
  spring-watcher-listen (~> 2.0.0)
  sqlite3 (~> 1.4)
  statsd-instrument
  tzinfo-data

RUBY VERSION
   ruby 2.6.3p62

BUNDLED WITH
   1.17.2
